GEM
  remote: http://rubygems.org/
  specs:
    activesupport (3.0.7)
    addressable (2.2.5)
    crack (0.1.8)
    faraday (0.5.7)
      addressable (~> 2.2.4)
      multipart-post (~> 1.1.0)
      rack (< 2, >= 1.1.0)
    faraday_middleware (0.3.2)
      faraday (~> 0.5.4)
    hashie (1.0.0)
    i18n (0.5.0)
    instagram (0.6.1)
      faraday (~> 0.5.4)
      faraday_middleware (~> 0.3.1)
      hashie (~> 1.0.0)
      multi_json (~> 0.0.5)
      ruby-hmac (~> 0.4.0)
    json (1.4.6)
    multi_json (0.0.5)
    multipart-post (1.1.0)
    pusher (0.8.0)
      crack (~> 0.1.0)
      json (~> 1.4.0)
      ruby-hmac (~> 0.4.0)
      signature (~> 0.1.2)
    rack (1.2.2)
    redis (2.2.0)
    ruby-hmac (0.4.0)
    sass (3.1.1)
    signature (0.1.2)
      ruby-hmac
    sinatra (1.2.6)
      rack (~> 1.1)
      tilt (< 2.0, >= 1.2.2)
    slim (0.9.2)
      temple (~> 0.2.0)
      tilt (~> 1.2)
    temple (0.2.0)
    tilt (1.3)

PLATFORMS
  ruby

DEPENDENCIES
  activesupport
  i18n
  instagram
  json
  pusher
  redis
  sass
  sinatra
  slim
